GEM
  remote: https://rubygems.org/
  specs:
    backports (3.8.0)
    bcrypt (3.1.11-java)
    diff-lcs (1.3)
    jdbc-mysql (5.1.42)
    jruby-rack (1.1.20)
    json (1.8.3-java)
    multi_json (1.12.1)
    mustermann (1.0.0)
    rack (2.0.3)
    rack-protection (2.0.0)
      rack
    rack-test (0.7.0)
      rack (>= 1.0, < 3)
    rspec (3.6.0)
      rspec-core (~> 3.6.0)
      rspec-expectations (~> 3.6.0)
      rspec-mocks (~> 3.6.0)
    rspec-core (3.6.0)
      rspec-support (~> 3.6.0)
    rspec-expectations (3.6.0)
      diff-lcs (>= 1.2.0, < 2.0)
      rspec-support (~> 3.6.0)
    rspec-mocks (3.6.0)
      diff-lcs (>= 1.2.0, < 2.0)
      rspec-support (~> 3.6.0)
    rspec-support (3.6.0)
    sequel (4.49.0)
    sinatra (2.0.0)
      mustermann (~> 1.0)
      rack (~> 2.0)
      rack-protection (= 2.0.0)
      tilt (~> 2.0)
    sinatra-contrib (2.0.0)
      backports (>= 2.0)
      multi_json
      mustermann (~> 1.0)
      rack-protection (= 2.0.0)
      sinatra (= 2.0.0)
      tilt (>= 1.3, < 3)
    tilt (2.0.8)
    trinidad (1.5.0.B2)
      jruby-rack (>= 1.1.18, < 1.3)
      trinidad_jars (>= 1.5, < 1.7)
    trinidad_jars (1.5.1)

PLATFORMS
  java

DEPENDENCIES
  bcrypt
  jdbc-mysql
  json
  rack-test
  rspec
  sequel
  sinatra
  sinatra-contrib
  trinidad (~> 1.5.0.B2)

BUNDLED WITH
   1.15.3
